PATH
  remote: .
  specs:
    vblagoi_palindrome (0.1.0)

GEM
  remote: https://rubygems.org/
  specs:
    ansi (1.5.0)
    builder (3.2.3)
    minitest (5.12.2)
    minitest-reporters (1.2.0)
      ansi
      builder
      minitest (>= 5.0)
      ruby-progressbar
    rake (13.0.1)
    ruby-progressbar (1.10.1)

PLATFORMS
  ruby

DEPENDENCIES
  bundler (~> 2.0)
  minitest (~> 5.0)
  minitest-reporters (= 1.2.0)
  rake (~> 13.0)
  vblagoi_palindrome!

BUNDLED WITH
   2.0.2
